PATH
  remote: .
  specs:
    docx_synthesizer (0.1.0)
      fastimage
      nokogiri
      rubyzip (>= 1.2.1)

GEM
  remote: https://rubygems.org/
  specs:
    coderay (1.1.2)
    fastimage (2.1.1)
    method_source (0.9.0)
    mini_portile2 (2.3.0)
    minitest (5.11.1)
    nokogiri (1.8.1)
      mini_portile2 (~> 2.3.0)
    pry (0.11.3)
      coderay (~> 1.1.0)
      method_source (~> 0.9.0)
    rake (10.5.0)
    rubyzip (1.2.1)

PLATFORMS
  ruby

DEPENDENCIES
  bundler (~> 1.16)
  docx_synthesizer!
  minitest (~> 5.4)
  pry
  rake (~> 10.0)

BUNDLED WITH
   1.16.1
